NUGET
  remote: https://www.nuget.org/api/v2
    Microsoft.WindowsAzure.ConfigurationManager (3.2.3)
    ServiceBus.v1_1 (1.0.6)
      Microsoft.WindowsAzure.ConfigurationManager (>= 2.0)
